GIT
  remote: git@github.com:dockyard/ember-appkit-rails.git
  revision: c2eefca677abf2b04a7866c24e1f40dec485ff51
  branch: master
  specs:
    ember-appkit-rails (0.4.0)
      active_model_serializers
      barber (>= 0.4.1)
      ember-data-source (~> 1.0.0.beta.6)
      ember-source (~> 1.4.beta)
      es6_module_transpiler-rails (~> 0.3.0)
      handlebars-source
      jquery-rails
      parser
      rails (~> 4.0)

PATH
  remote: /Users/ericb/Projects/OpenSource/fiddle_fart
  specs:
    fiddle_fart (0.0.1)

GEM
  remote: https://rubygems.org/
  specs:
    actionmailer (4.0.2)
      actionpack (= 4.0.2)
      mail (~> 2.5.4)
    actionpack (4.0.2)
      activesupport (= 4.0.2)
      builder (~> 3.1.0)
      erubis (~> 2.7.0)
      rack (~> 1.5.2)
      rack-test (~> 0.6.2)
    active_model_serializers (0.8.1)
      activemodel (>= 3.0)
    activemodel (4.0.2)
      activesupport (= 4.0.2)
      builder (~> 3.1.0)
    activerecord (4.0.2)
      activemodel (= 4.0.2)
      activerecord-deprecated_finders (~> 1.0.2)
      activesupport (= 4.0.2)
      arel (~> 4.0.0)
    activerecord-deprecated_finders (1.0.3)
    activesupport (4.0.2)
      i18n (~> 0.6, >= 0.6.4)
      minitest (~> 4.2)
      multi_json (~> 1.3)
      thread_safe (~> 0.1)
      tzinfo (~> 0.3.37)
    arel (4.0.2)
    ast (1.1.0)
    atomic (1.1.14)
    awesome_print (1.2.0)
    barber (0.4.2)
      ember-source
      execjs
      handlebars-source
    binding_of_caller (0.7.2)
      debug_inspector (>= 0.0.1)
    builder (3.1.4)
    capybara (2.2.1)
      mime-types (>= 1.16)
      nokogiri (>= 1.3.3)
      rack (>= 1.0.0)
      rack-test (>= 0.5.4)
      xpath (~> 2.0)
    celluloid (0.15.2)
      timers (~> 1.1.0)
    cliver (0.3.2)
    coderay (1.1.0)
    coffee-rails (4.0.1)
      coffee-script (>= 2.2.0)
      railties (>= 4.0.0, < 5.0)
    coffee-script (2.2.0)
      coffee-script-source
      execjs
    coffee-script-source (1.7.0)
    columnize (0.3.6)
    coolline (0.4.3)
    debug_inspector (0.0.2)
    debugger (1.6.5)
      columnize (>= 0.3.1)
      debugger-linecache (~> 1.2.0)
      debugger-ruby_core_source (~> 1.3.1)
    debugger-linecache (1.2.0)
    debugger-ruby_core_source (1.3.1)
    diff-lcs (1.2.5)
    diffy (3.0.1)
    ember-data-source (1.0.0.beta.6)
      ember-source
    ember-source (1.4.0.beta.5)
      handlebars-source (~> 1.3.0)
    erubis (2.7.0)
    es6_module_transpiler-rails (0.3.0)
      execjs
    execjs (2.0.2)
    faraday (0.9.0)
      multipart-post (>= 1.2, < 3)
    ffi (1.9.3)
    font-awesome-sass (4.0.2)
      sass-rails (>= 3.1.1)
    formatador (0.2.4)
    foundation-rails (5.1.1.0)
      railties (>= 3.1.0)
      sass (>= 3.2.0)
    grit (2.5.0)
      diff-lcs (~> 1.1)
      mime-types (~> 1.15)
      posix-spawn (~> 0.3.6)
    guard (2.2.5)
      formatador (>= 0.2.4)
      listen (~> 2.1)
      lumberjack (~> 1.0)
      pry (>= 0.9.12)
      thor (>= 0.18.1)
    guard-rspec (4.2.4)
      guard (~> 2.1)
      rspec (>= 2.14, < 4.0)
    handlebars-source (1.3.0)
    hashie (2.0.5)
    hike (1.2.3)
    hirb (0.7.1)
    httpauth (0.2.0)
    i18n (0.6.9)
    jazz_hands (0.5.2)
      awesome_print (~> 1.2)
      coolline (>= 0.4.2)
      hirb (~> 0.7.1)
      pry (~> 0.9.12)
      pry-debugger (~> 0.2.2)
      pry-doc (~> 0.4.6)
      pry-git (~> 0.2.3)
      pry-rails (~> 0.3.2)
      pry-remote (>= 0.1.7)
      pry-stack_explorer (~> 0.4.9)
      railties (>= 3.0, < 5.0)
    jquery-rails (3.1.0)
      railties (>= 3.0, < 5.0)
      thor (>= 0.14, < 2.0)
    json (1.8.1)
    jwt (0.1.10)
      multi_json (>= 1.5)
    listen (2.4.0)
      celluloid (>= 0.15.2)
      rb-fsevent (>= 0.9.3)
      rb-inotify (>= 0.9)
    lumberjack (1.0.4)
    mail (2.5.4)
      mime-types (~> 1.16)
      treetop (~> 1.4.8)
    method_source (0.8.2)
    mime-types (1.25.1)
    mini_portile (0.5.2)
    minitest (4.7.5)
    multi_json (1.8.4)
    multipart-post (2.0.0)
    nokogiri (1.6.1)
      mini_portile (~> 0.5.0)
    oauth2 (0.8.1)
      faraday (~> 0.8)
      httpauth (~> 0.1)
      jwt (~> 0.1.4)
      multi_json (~> 1.0)
      rack (~> 1.2)
    omniauth (1.2.1)
      hashie (>= 1.2, < 3)
      rack (~> 1.0)
    omniauth-github (1.1.1)
      omniauth (~> 1.0)
      omniauth-oauth2 (~> 1.1)
    omniauth-oauth2 (1.1.1)
      oauth2 (~> 0.8.0)
      omniauth (~> 1.0)
    parser (2.1.4)
      ast (~> 1.1)
      slop (~> 3.4, >= 3.4.5)
    pg (0.17.1)
    poltergeist (1.5.0)
      capybara (~> 2.1)
      cliver (~> 0.3.1)
      multi_json (~> 1.0)
      websocket-driver (>= 0.2.0)
    polyglot (0.3.3)
    posix-spawn (0.3.8)
    pry (0.9.12.6)
      coderay (~> 1.0)
      method_source (~> 0.8)
      slop (~> 3.4)
    pry-debugger (0.2.2)
      debugger (~> 1.3)
      pry (~> 0.9.10)
    pry-doc (0.4.6)
      pry (>= 0.9)
      yard (>= 0.8)
    pry-git (0.2.3)
      diffy
      grit
      pry (>= 0.9.8)
    pry-rails (0.3.2)
      pry (>= 0.9.10)
    pry-remote (0.1.8)
      pry (~> 0.9)
      slop (~> 3.0)
    pry-stack_explorer (0.4.9.1)
      binding_of_caller (>= 0.7)
      pry (>= 0.9.11)
    rack (1.5.2)
    rack-test (0.6.2)
      rack (>= 1.0)
    rails (4.0.2)
      actionmailer (= 4.0.2)
      actionpack (= 4.0.2)
      activerecord (= 4.0.2)
      activesupport (= 4.0.2)
      bundler (>= 1.3.0, < 2.0)
      railties (= 4.0.2)
      sprockets-rails (~> 2.0.0)
    railties (4.0.2)
      actionpack (= 4.0.2)
      activesupport (= 4.0.2)
      rake (>= 0.8.7)
      thor (>= 0.18.1, < 2.0)
    rake (10.1.1)
    rb-fsevent (0.9.4)
    rb-inotify (0.9.3)
      ffi (>= 0.5.0)
    rdoc (4.1.1)
      json (~> 1.4)
    rspec (2.14.1)
      rspec-core (~> 2.14.0)
      rspec-expectations (~> 2.14.0)
      rspec-mocks (~> 2.14.0)
    rspec-core (2.14.7)
    rspec-expectations (2.14.5)
      diff-lcs (>= 1.1.3, < 2.0)
    rspec-mocks (2.14.5)
    rspec-rails (2.14.1)
      actionpack (>= 3.0)
      activemodel (>= 3.0)
      activesupport (>= 3.0)
      railties (>= 3.0)
      rspec-core (~> 2.14.0)
      rspec-expectations (~> 2.14.0)
      rspec-mocks (~> 2.14.0)
    sass (3.2.14)
    sass-rails (4.0.1)
      railties (>= 4.0.0, < 5.0)
      sass (>= 3.1.10)
      sprockets-rails (~> 2.0.0)
    sdoc (0.4.0)
      json (~> 1.8)
      rdoc (~> 4.0, < 5.0)
    slop (3.4.7)
    sprockets (2.10.1)
      hike (~> 1.2)
      multi_json (~> 1.0)
      rack (~> 1.0)
      tilt (~> 1.1, != 1.3.0)
    sprockets-rails (2.0.1)
      actionpack (>= 3.0)
      activesupport (>= 3.0)
      sprockets (~> 2.8)
    thor (0.18.1)
    thread_safe (0.1.3)
      atomic
    tilt (1.4.1)
    timers (1.1.0)
    treetop (1.4.15)
      polyglot
      polyglot (>= 0.3.1)
    tzinfo (0.3.38)
    uglifier (2.4.0)
      execjs (>= 0.3.0)
      json (>= 1.8.0)
    websocket-driver (0.3.2)
    xpath (2.0.0)
      nokogiri (~> 1.3)
    yard (0.8.7.3)

PLATFORMS
  ruby

DEPENDENCIES
  active_model_serializers
  capybara
  coffee-rails (~> 4.0.0)
  ember-appkit-rails!
  fiddle_fart!
  font-awesome-sass
  foundation-rails (~> 5.1.1.0)
  guard-rspec
  jazz_hands
  jquery-rails
  omniauth-github
  pg
  poltergeist
  rails (= 4.0.2)
  rspec-rails
  sass-rails (~> 4.0.0)
  sdoc
  uglifier (>= 1.3.0)
